GIT
  remote: git://github.com/bmabey/database_cleaner.git
  revision: e8607e504eca348520260ccbfc2bdff85832e911
  specs:
    database_cleaner (0.6.7)

GIT
  remote: git://github.com/chewbranca/feedzirra.git
  revision: 48476ebcc6008f33e54a6705497de101c2107f0b
  specs:
    feedzirra (0.0.24)
      activesupport (>= 2.3.4)
      builder (>= 2.1.2)
      curb (>= 0.2.3)
      loofah (>= 0.3.1)
      nokogiri (> 0.0.0)
      sax-machine (>= 0.0.12)

GIT
  remote: git://github.com/jnicklas/capybara.git
  revision: 774ee9cfe3b8a74318c56aa923082d9b276f1eab
  specs:
    capybara (1.0.0.beta1)
      mime-types (>= 1.16)
      nokogiri (>= 1.3.3)
      rack (>= 1.0.0)
      rack-test (>= 0.5.4)
      selenium-webdriver (~> 0.2.0)
      xpath (~> 0.1.4)

GIT
  remote: git://github.com/pauldix/sax-machine.git
  revision: 1e39f35c1bb727dcf1e3aeee356dcb9f719d39d8
  specs:
    sax-machine (0.0.16)
      nokogiri (> 0.0.0)

GIT
  remote: git://github.com/stipple/amazon-ecs.git
  revision: 5a0403b9a31dcea8f67f9f8b73ed1ef599695169
  specs:
    amazon-ecs (1.1.0)
      nokogiri
      ruby-hmac

GIT
  remote: git://github.com/taf2/curb.git
  revision: a47439ae72397f5cf14a028c82cbb8878e21f1db
  specs:
    curb (0.7.15)

GEM
  remote: http://rubygems.org/
  remote: http://gems.github.com/
  specs:
    SystemTimer (1.2.3)
    ZenTest (4.5.0)
    aasm (2.2.0)
    acl9 (0.12.0)
    actionmailer (2.3.11)
      actionpack (= 2.3.11)
    actionpack (2.3.11)
      activesupport (= 2.3.11)
      rack (~> 1.1.0)
    activerecord (2.3.11)
      activesupport (= 2.3.11)
    activeresource (2.3.11)
      activesupport (= 2.3.11)
    activesupport (2.3.11)
    acts-as-taggable-on (2.0.0.rc1)
    addressable (2.2.5)
    awesome_print (0.3.2)
    bitly (0.6.1)
      crack (>= 0.1.4)
      httparty (>= 0.5.2)
      oauth2 (>= 0.1.1)
    builder (2.1.2)
    childprocess (0.1.8)
      ffi (~> 1.0.6)
    compass (0.10.6)
      haml (>= 3.0.4)
    compass-960-plugin (0.10.3)
      compass (>= 0.10.0)
    configuration (1.2.0)
    crack (0.1.8)
    cucumber (0.10.2)
      builder (>= 2.1.2)
      diff-lcs (>= 1.1.2)
      gherkin (>= 2.3.5)
      json (>= 1.4.6)
      term-ansicolor (>= 1.0.5)
    cucumber-rails (0.3.2)
      cucumber (>= 0.8.0)
    diff-lcs (1.1.2)
    erubis (2.7.0)
    factory_girl (1.3.3)
    faker (0.9.5)
      i18n (~> 0.4)
    faraday (0.6.1)
      addressable (~> 2.2.4)
      multipart-post (~> 1.1.0)
      rack (>= 1.1.0, < 2)
    ffi (1.0.7)
      rake (>= 0.8.7)
    formtastic (1.1.0)
      actionpack (>= 2.3.0)
      activesupport (>= 2.3.0)
      i18n (>= 0.4.0)
    friendly_id (2.2.7)
      activerecord (>= 2.2.3)
      activesupport (>= 2.2.3)
    gherkin (2.3.7)
      json (>= 1.4.6)
    haml (3.0.25)
    hashie (0.4.0)
    hoptoad_notifier (2.4.9)
      activesupport
      builder
    httparty (0.6.1)
      crack (= 0.1.8)
    i18n (0.5.0)
    json (1.4.6)
    json_pure (1.5.1)
    launchy (0.4.0)
      configuration (>= 0.0.5)
      rake (>= 0.8.1)
    loofah (0.4.7)
      nokogiri (>= 1.3.3)
    mime-types (1.16)
    mogli (0.0.28)
      httparty (>= 0.4.3)
    multi_json (0.0.5)
    multipart-post (1.1.0)
    mysql (2.8.1)
    newrelic_rpm (2.14.1)
    nokogiri (1.4.4)
    oauth (0.4.4)
    oauth2 (0.4.1)
      faraday (~> 0.6.1)
      multi_json (>= 0.0.5)
    paperclip (2.3.11)
      activerecord (>= 2.3.0)
      activesupport (>= 2.3.2)
    pickle (0.4.7)
      cucumber (>= 0.8)
      rake
    rack (1.1.0)
    rack-test (0.6.0)
      rack (>= 1.0)
    rails (2.3.11)
      actionmailer (= 2.3.11)
      actionpack (= 2.3.11)
      activerecord (= 2.3.11)
      activeresource (= 2.3.11)
      activesupport (= 2.3.11)
      rake (>= 0.8.3)
    rake (0.8.7)
    rcov (0.9.9)
    redis (2.2.0)
    redis-namespace (0.10.0)
      redis (< 3.0.0)
    redis-store (1.0.0.beta5)
      redis (~> 2.2.0)
      redis (>= 2.0.0)
    resque (1.15.0)
      json (~> 1.4.6)
      redis-namespace (>= 0.10.0)
      sinatra (>= 0.9.2)
      vegas (~> 0.1.2)
    resque-scheduler (1.9.9)
      redis (>= 2.0.1)
      resque (>= 1.8.0)
      rufus-scheduler
    rr (1.0.2)
    rspec (1.3.0)
    rspec-rails (1.3.2)
      rack (>= 1.0.0)
      rspec (>= 1.3.0)
    ruby-hmac (0.4.0)
    rubyzip (0.9.4)
    rufus-scheduler (2.0.9)
      tzinfo (>= 0.3.23)
    selenium-webdriver (0.2.0)
      childprocess (>= 0.1.7)
      ffi (>= 1.0.7)
      json_pure
      rubyzip
    sinatra (1.2.6)
      rack (~> 1.1)
      tilt (>= 1.2.2, < 2.0)
    sitemap_generator (1.5.2)
    term-ansicolor (1.0.5)
    tilt (1.3)
    twitter (0.9.12)
      hashie (~> 0.4.0)
      httparty (~> 0.6.1)
      multi_json (~> 0.0.4)
      oauth (~> 0.4.3)
    tzinfo (0.3.23)
    unicorn (0.95.2)
      rack
    vegas (0.1.8)
      rack (>= 1.0.0)
    will_paginate (2.3.15)
    wirble (0.1.3)
    xpath (0.1.4)
      nokogiri (~> 1.3)

PLATFORMS
  ruby

DEPENDENCIES
  SystemTimer
  ZenTest
  aasm
  acl9
  acts-as-taggable-on (= 2.0.0.rc1)
  amazon-ecs!
  awesome_print
  bitly
  builder (= 2.1.2)
  capybara!
  compass (~> 0.10.0)
  compass-960-plugin
  cucumber
  cucumber-rails (= 0.3.2)
  curb!
  database_cleaner!
  erubis
  factory_girl
  faker
  feedzirra!
  formtastic (= 1.1.0)
  friendly_id (= 2.2.7)
  haml (= 3.0.25)
  hoptoad_notifier
  json (= 1.4.6)
  launchy
  loofah (= 0.4.7)
  mogli
  mysql
  newrelic_rpm
  nokogiri
  oauth
  paperclip
  pickle
  rack (= 1.1.0)
  rails (= 2.3.11)
  rcov
  redis
  redis-namespace
  redis-store (= 1.0.0.beta5)
  resque
  resque-scheduler
  rr
  rspec (= 1.3.0)
  rspec-rails (= 1.3.2)
  sax-machine!
  sitemap_generator
  twitter (= 0.9.12)
  tzinfo (= 0.3.23)
  unicorn (= 0.95.2)
  will_paginate (~> 2.3.11)
  wirble
