GIT
  remote: git://github.com/pauldix/sax-machine.git
  revision: a25dff90d5d59ee76b2ef976dbe40825bc8d5477
  specs:
    sax-machine (0.0.15)
      nokogiri (> 0.0.0)

GIT
  remote: git://github.com/taf2/curb.git
  revision: 74f4e5e9c7d1ac7f8928995fe8e7a1c8210ccb0c
  specs:
    curb (0.7.8.1)

GEM
  remote: http://rubygems.org/
  remote: http://gems.github.com/
  specs:
    actionmailer (2.3.4)
      actionpack (= 2.3.4)
    actionpack (2.3.4)
      activesupport (= 2.3.4)
      rack (~> 1.0.0)
    activerecord (2.3.4)
      activesupport (= 2.3.4)
    activeresource (2.3.4)
      activesupport (= 2.3.4)
    activesupport (2.3.4)
    awesome_print (0.3.1)
    bitly (0.5.1)
      crack (>= 0.1.4)
      httparty (>= 0.5.2)
    builder (2.1.2)
    compass (0.10.6)
      haml (>= 3.0.4)
    compass-960-plugin (0.10.0)
      compass (>= 0.10.0)
    crack (0.1.8)
    feedzirra (0.0.18.1)
      activesupport (>= 2.0.0)
      builder (>= 2.1.2)
      mdalessio-dryopteris (>= 0.0.0)
      nokogiri (> 0.0.0)
      pauldix-sax-machine (>= 0.0.12)
      taf2-curb (>= 0.2.3)
    formtastic (1.1.0)
      actionpack (>= 2.3.0)
      activesupport (>= 2.3.0)
      i18n (>= 0.4.0)
    friendly_id (2.2.7)
      activerecord (>= 2.2.3)
      activesupport (>= 2.2.3)
    haml (3.0.24)
    hashie (0.4.0)
    httparty (0.6.1)
      crack (= 0.1.8)
    i18n (0.5.0)
    json (1.4.6)
    loofah (0.4.7)
      nokogiri (>= 1.3.3)
    mdalessio-dryopteris (0.1.2)
      nokogiri (> 0.0.0)
    mogli (0.0.16)
      hashie (>= 0.2.0)
      httparty (>= 0.4.3)
    multi_json (0.0.5)
    mysql (2.8.1)
    nokogiri (1.4.4)
    oauth (0.4.4)
    pauldix-sax-machine (0.0.14)
      nokogiri (> 0.0.0)
    rack (1.0.1)
    rails (2.3.4)
      actionmailer (= 2.3.4)
      actionpack (= 2.3.4)
      activerecord (= 2.3.4)
      activeresource (= 2.3.4)
      activesupport (= 2.3.4)
      rake (>= 0.8.3)
    rake (0.8.7)
    redis (2.1.1)
    redis-namespace (0.10.0)
      redis (< 3.0.0)
    resque (1.8.2)
      redis
      redis-namespace
      sinatra (>= 0.9.2)
      vegas (>= 0.1.2)
    resque-scheduler (1.9.7)
      redis (>= 2.0.1)
      resque (>= 1.8.0)
      rufus-scheduler
    rufus-scheduler (2.0.7)
      tzinfo
    sinatra (1.0)
      rack (>= 1.0)
    sitemap_generator (1.3.5)
    taf2-curb (0.5.4.0)
    twitter (0.9.12)
      hashie (~> 0.4.0)
      httparty (~> 0.6.1)
      multi_json (~> 0.0.4)
      oauth (~> 0.4.3)
    tzinfo (0.3.23)
    unicorn (0.95.2)
      rack
    vegas (0.1.8)
      rack (>= 1.0.0)
    will_paginate (2.3.15)
    wirble (0.1.3)

PLATFORMS
  ruby

DEPENDENCIES
  awesome_print
  bitly (= 0.5.1)
  builder (= 2.1.2)
  compass (~> 0.10.0)
  compass-960-plugin
  curb!
  feedzirra (= 0.0.18.1)
  formtastic (= 1.1.0)
  friendly_id (= 2.2.7)
  json (= 1.4.6)
  loofah (= 0.4.7)
  mogli
  mysql
  nokogiri
  oauth
  rack (= 1.0.1)
  rails (= 2.3.4)
  redis
  redis-namespace
  resque
  resque-scheduler
  sax-machine!
  sitemap_generator
  twitter
  tzinfo (= 0.3.23)
  unicorn (= 0.95.2)
  will_paginate (~> 2.3.11)
  wirble
