GIT
  remote: git://github.com/bmabey/database_cleaner.git
  revision: 0d334c37f5d9f51831809b02a0e80de83bfb25b6
  specs:
    database_cleaner (0.6.1)

GIT
  remote: git://github.com/chewbranca/feedzirra.git
  revision: 48476ebcc6008f33e54a6705497de101c2107f0b
  specs:
    feedzirra (0.0.24)
      activesupport (>= 2.3.4)
      builder (>= 2.1.2)
      curb (>= 0.2.3)
      loofah (>= 0.3.1)
      nokogiri (> 0.0.0)
      sax-machine (>= 0.0.12)

GIT
  remote: git://github.com/jnicklas/capybara.git
  revision: 78c5812b6eed0a78cd39933d7b78c260245830ea
  specs:
    capybara (0.4.0)
      celerity (>= 0.7.9)
      culerity (>= 0.2.4)
      mime-types (>= 1.16)
      nokogiri (>= 1.3.3)
      rack (>= 1.0.0)
      rack-test (>= 0.5.4)
      selenium-webdriver (>= 0.0.27)
      xpath (~> 0.1.2)

GIT
  remote: git://github.com/pauldix/sax-machine.git
  revision: a25dff90d5d59ee76b2ef976dbe40825bc8d5477
  specs:
    sax-machine (0.0.15)
      nokogiri (> 0.0.0)

GIT
  remote: git://github.com/taf2/curb.git
  revision: 74f4e5e9c7d1ac7f8928995fe8e7a1c8210ccb0c
  specs:
    curb (0.7.8.1)

GEM
  remote: http://rubygems.org/
  remote: http://gems.github.com/
  specs:
    SystemTimer (1.2.2)
    ZenTest (4.4.2)
    aasm (2.2.0)
    acl9 (0.12.0)
    actionmailer (2.3.4)
      actionpack (= 2.3.4)
    actionpack (2.3.4)
      activesupport (= 2.3.4)
      rack (~> 1.0.0)
    activerecord (2.3.4)
      activesupport (= 2.3.4)
    activeresource (2.3.4)
      activesupport (= 2.3.4)
    activesupport (2.3.4)
    awesome_print (0.3.1)
    bitly (0.5.1)
      crack (>= 0.1.4)
      httparty (>= 0.5.2)
    builder (2.1.2)
    celerity (0.8.6)
    childprocess (0.1.4)
      ffi (~> 0.6.3)
    compass (0.10.6)
      haml (>= 3.0.4)
    compass-960-plugin (0.10.0)
      compass (>= 0.10.0)
    configuration (1.1.0)
    crack (0.1.8)
    cucumber (0.10.0)
      builder (>= 2.1.2)
      diff-lcs (~> 1.1.2)
      gherkin (~> 2.3.2)
      json (~> 1.4.6)
      term-ansicolor (~> 1.0.5)
    cucumber-rails (0.3.2)
      cucumber (>= 0.8.0)
    culerity (0.2.12)
    diff-lcs (1.1.2)
    factory_girl (1.3.2)
    faker (0.3.1)
    ffi (0.6.3)
      rake (>= 0.8.7)
    formtastic (1.1.0)
      actionpack (>= 2.3.0)
      activesupport (>= 2.3.0)
      i18n (>= 0.4.0)
    friendly_id (2.2.7)
      activerecord (>= 2.2.3)
      activesupport (>= 2.2.3)
    gherkin (2.3.2)
      json (~> 1.4.6)
      term-ansicolor (~> 1.0.5)
    haml (3.0.24)
    hashie (0.4.0)
    httparty (0.6.1)
      crack (= 0.1.8)
    i18n (0.5.0)
    json (1.4.6)
    json_pure (1.4.6)
    launchy (0.3.7)
      configuration (>= 0.0.5)
      rake (>= 0.8.1)
    loofah (0.4.7)
      nokogiri (>= 1.3.3)
    mime-types (1.16)
    mogli (0.0.16)
      hashie (>= 0.2.0)
      httparty (>= 0.4.3)
    multi_json (0.0.5)
    mysql (2.8.1)
    nokogiri (1.4.4)
    oauth (0.4.4)
    pickle (0.4.4)
      cucumber (>= 0.8)
      rake
      rspec (>= 1.3)
      yard
    rack (1.0.1)
    rack-test (0.5.6)
      rack (>= 1.0)
    rails (2.3.4)
      actionmailer (= 2.3.4)
      actionpack (= 2.3.4)
      activerecord (= 2.3.4)
      activeresource (= 2.3.4)
      activesupport (= 2.3.4)
      rake (>= 0.8.3)
    rake (0.8.7)
    rcov (0.9.9)
    redis (2.1.1)
    redis-namespace (0.10.0)
      redis (< 3.0.0)
    resque (1.8.2)
      redis
      redis-namespace
      sinatra (>= 0.9.2)
      vegas (>= 0.1.2)
    resque-scheduler (1.9.7)
      redis (>= 2.0.1)
      resque (>= 1.8.0)
      rufus-scheduler
    rspec (1.3.0)
    rspec-rails (1.3.2)
      rack (>= 1.0.0)
      rspec (>= 1.3.0)
    rubyzip (0.9.4)
    rufus-scheduler (2.0.7)
      tzinfo
    selenium-webdriver (0.1.1)
      childprocess (= 0.1.4)
      ffi (~> 0.6.3)
      json_pure
      rubyzip
    sinatra (1.0)
      rack (>= 1.0)
    sitemap_generator (1.3.5)
    term-ansicolor (1.0.5)
    twitter (0.9.12)
      hashie (~> 0.4.0)
      httparty (~> 0.6.1)
      multi_json (~> 0.0.4)
      oauth (~> 0.4.3)
    tzinfo (0.3.23)
    unicorn (0.95.2)
      rack
    vegas (0.1.8)
      rack (>= 1.0.0)
    will_paginate (2.3.15)
    wirble (0.1.3)
    xpath (0.1.2)
      nokogiri (~> 1.3)
    yard (0.6.4)

PLATFORMS
  ruby

DEPENDENCIES
  SystemTimer
  ZenTest
  aasm
  acl9
  awesome_print
  bitly (= 0.5.1)
  builder (= 2.1.2)
  capybara!
  compass (~> 0.10.0)
  compass-960-plugin
  cucumber
  cucumber-rails
  curb!
  database_cleaner!
  factory_girl
  faker
  feedzirra!
  formtastic (= 1.1.0)
  friendly_id (= 2.2.7)
  json (= 1.4.6)
  launchy
  loofah (= 0.4.7)
  mogli
  mysql
  nokogiri
  oauth
  pickle
  rack (= 1.0.1)
  rails (= 2.3.4)
  rcov
  redis
  redis-namespace
  resque
  resque-scheduler
  rspec (= 1.3.0)
  rspec-rails (= 1.3.2)
  sax-machine!
  sitemap_generator
  twitter
  tzinfo (= 0.3.23)
  unicorn (= 0.95.2)
  will_paginate (~> 2.3.11)
  wirble
