GIT
  remote: git://github.com/bmabey/database_cleaner.git
  revision: e8607e504eca348520260ccbfc2bdff85832e911
  specs:
    database_cleaner (0.6.7)

GIT
  remote: git://github.com/chewbranca/feedzirra.git
  revision: 48476ebcc6008f33e54a6705497de101c2107f0b
  specs:
    feedzirra (0.0.24)
      activesupport (>= 2.3.4)
      builder (>= 2.1.2)
      curb (>= 0.2.3)
      loofah (>= 0.3.1)
      nokogiri (> 0.0.0)
      sax-machine (>= 0.0.12)

GIT
  remote: git://github.com/jnicklas/capybara.git
  revision: 774ee9cfe3b8a74318c56aa923082d9b276f1eab
  specs:
    capybara (1.0.0.beta1)
      mime-types (>= 1.16)
      nokogiri (>= 1.3.3)
      rack (>= 1.0.0)
      rack-test (>= 0.5.4)
      selenium-webdriver (~> 0.2.0)
      xpath (~> 0.1.4)

GIT
  remote: git://github.com/pauldix/sax-machine.git
  revision: 1e39f35c1bb727dcf1e3aeee356dcb9f719d39d8
  specs:
    sax-machine (0.0.16)
      nokogiri (> 0.0.0)

GIT
  remote: git://github.com/taf2/curb.git
  revision: a47439ae72397f5cf14a028c82cbb8878e21f1db
  specs:
    curb (0.7.15)

GEM
  remote: http://rubygems.org/
  remote: http://gems.github.com/
  specs:
    SystemTimer (1.2.3)
    ZenTest (4.5.0)
    aasm (2.2.0)
    acl9 (0.12.0)
    actionmailer (2.3.11)
      actionpack (= 2.3.11)
    actionpack (2.3.11)
      activesupport (= 2.3.11)
      rack (~> 1.1.0)
    activerecord (2.3.11)
      activesupport (= 2.3.11)
    activeresource (2.3.11)
      activesupport (= 2.3.11)
    activesupport (2.3.11)
    acts-as-taggable-on (2.0.0.rc1)
    addressable (2.2.4)
    amazon-ecs (2.2.1)
      nokogiri (>= 1.4.0)
      ruby-hmac (>= 0.3.2)
    awesome_print (0.3.2)
    aws-s3 (0.6.2)
      builder
      mime-types
      xml-simple
    bitly (0.6.1)
      crack (>= 0.1.4)
      httparty (>= 0.5.2)
      oauth2 (>= 0.1.1)
    builder (2.1.2)
    capistrano (2.5.10)
      highline
      net-scp (>= 1.0.0)
      net-sftp (>= 2.0.0)
      net-ssh (>= 2.0.14)
      net-ssh-gateway (>= 1.0.0)
    capistrano-ext (1.2.1)
      capistrano (>= 1.0.0)
    childprocess (0.1.8)
      ffi (~> 1.0.6)
    chunky_png (1.2.5)
    columnize (0.3.2)
    compass (0.11.5)
      chunky_png (~> 1.2)
      fssm (>= 0.2.7)
      sass (~> 3.1)
    compass-960-plugin (0.10.3)
      compass (>= 0.10.0)
    configuration (1.2.0)
    crack (0.1.8)
    cucumber (0.10.2)
      builder (>= 2.1.2)
      diff-lcs (>= 1.1.2)
      gherkin (>= 2.3.5)
      json (>= 1.4.6)
      term-ansicolor (>= 1.0.5)
    cucumber-rails (0.3.2)
      cucumber (>= 0.8.0)
    diff-lcs (1.1.2)
    erubis (2.7.0)
    factory_girl (1.3.3)
    faker (0.9.5)
      i18n (~> 0.4)
    faraday (0.6.1)
      addressable (~> 2.2.4)
      multipart-post (~> 1.1.0)
      rack (>= 1.1.0, < 2)
    faraday_middleware (0.6.5)
      faraday (~> 0.6.0)
    ffi (1.0.7)
      rake (>= 0.8.7)
    formtastic (1.1.0)
      actionpack (>= 2.3.0)
      activesupport (>= 2.3.0)
      i18n (>= 0.4.0)
    friendly_id (2.2.7)
      activerecord (>= 2.2.3)
      activesupport (>= 2.2.3)
    fssm (0.2.7)
    gherkin (2.3.7)
      json (>= 1.4.6)
    haml (3.1.3)
    hashie (1.0.0)
    highline (1.6.1)
    hoptoad_notifier (2.4.9)
      activesupport
      builder
    httparty (0.7.8)
      crack (= 0.1.8)
    i18n (0.5.0)
    json (1.4.6)
    json_pure (1.5.1)
    kgio (2.7.2)
    launchy (0.4.0)
      configuration (>= 0.0.5)
      rake (>= 0.8.1)
    linecache (0.43)
    loofah (0.4.7)
      nokogiri (>= 1.3.3)
    mime-types (1.16)
    mogli (0.0.28)
      httparty (>= 0.4.3)
    multi_json (1.0.3)
    multi_xml (0.2.2)
    multipart-post (1.1.0)
    mysql2 (0.3.11)
    net-ldap (0.2.2)
    net-scp (1.0.2)
      net-ssh (>= 1.99.1)
    net-sftp (2.0.2)
      net-ssh (>= 2.0.9)
    net-ssh (2.0.15)
    net-ssh-gateway (1.0.1)
      net-ssh (>= 1.99.1)
    newrelic_rpm (2.14.1)
    nokogiri (1.4.7)
    oa-basic (0.2.6)
      oa-core (= 0.2.6)
      rest-client (~> 1.6.0)
    oa-core (0.2.6)
    oa-enterprise (0.2.6)
      addressable (= 2.2.4)
      net-ldap (~> 0.2.2)
      nokogiri (~> 1.4.2)
      oa-core (= 0.2.6)
      pyu-ruby-sasl (~> 0.0.3.1)
      rubyntlm (~> 0.1.1)
    oa-more (0.2.6)
      multi_json (~> 1.0.0)
      oa-core (= 0.2.6)
      rest-client (~> 1.6.0)
    oa-oauth (0.2.6)
      faraday (~> 0.6.1)
      multi_json (~> 1.0.0)
      multi_xml (~> 0.2.2)
      oa-core (= 0.2.6)
      oauth (~> 0.4.0)
      oauth2 (~> 0.4.1)
    oa-openid (0.2.6)
      oa-core (= 0.2.6)
      rack-openid (~> 1.3.1)
      ruby-openid-apps-discovery (~> 1.2.0)
    oauth (0.4.5)
    oauth2 (0.4.1)
      faraday (~> 0.6.1)
      multi_json (>= 0.0.5)
    omniauth (0.2.6)
      oa-basic (= 0.2.6)
      oa-core (= 0.2.6)
      oa-enterprise (= 0.2.6)
      oa-more (= 0.2.6)
      oa-oauth (= 0.2.6)
      oa-openid (= 0.2.6)
    paperclip (2.3.11)
      activerecord (>= 2.3.0)
      activesupport (>= 2.3.2)
    pickle (0.4.7)
      cucumber (>= 0.8)
      rake
    pyu-ruby-sasl (0.0.3.3)
    rack (1.1.0)
    rack-openid (1.3.1)
      rack (>= 1.1.0)
      ruby-openid (>= 2.1.8)
    rack-test (0.6.0)
      rack (>= 1.0)
    rails (2.3.11)
      actionmailer (= 2.3.11)
      actionpack (= 2.3.11)
      activerecord (= 2.3.11)
      activeresource (= 2.3.11)
      activesupport (= 2.3.11)
      rake (>= 0.8.3)
    raindrops (0.8.0)
    rake (0.8.7)
    rcov (0.9.9)
    redis (2.2.0)
    redis-namespace (0.10.0)
      redis (< 3.0.0)
    redis-store (1.0.0.beta5)
      redis (>= 2.0.0)
      redis (~> 2.2.0)
    resque (1.15.0)
      json (~> 1.4.6)
      redis-namespace (>= 0.10.0)
      sinatra (>= 0.9.2)
      vegas (~> 0.1.2)
    resque-scheduler (1.9.9)
      redis (>= 2.0.1)
      resque (>= 1.8.0)
      rufus-scheduler
    rest-client (1.6.7)
      mime-types (>= 1.16)
    rr (1.0.2)
    rspec (1.3.0)
    rspec-rails (1.3.2)
      rack (>= 1.0.0)
      rspec (>= 1.3.0)
    ruby-debug (0.10.4)
      columnize (>= 0.1)
      ruby-debug-base (~> 0.10.4.0)
    ruby-debug-base (0.10.4)
      linecache (>= 0.3)
    ruby-hmac (0.4.0)
    ruby-openid (2.1.8)
    ruby-openid-apps-discovery (1.2.0)
      ruby-openid (>= 2.1.7)
    rubyntlm (0.1.1)
    rubyzip (0.9.4)
    rufus-scheduler (2.0.9)
      tzinfo (>= 0.3.23)
    sass (3.1.10)
    selenium-webdriver (0.2.0)
      childprocess (>= 0.1.7)
      ffi (>= 1.0.7)
      json_pure
      rubyzip
    simple_oauth (0.1.5)
    sinatra (1.2.6)
      rack (~> 1.1)
      tilt (>= 1.2.2, < 2.0)
    sitemap_generator (1.5.2)
    term-ansicolor (1.0.5)
    tilt (1.3)
    twitter (1.6.0)
      faraday (~> 0.6.1)
      faraday_middleware (~> 0.6.3)
      hashie (~> 1.0.0)
      multi_json (~> 1.0.0)
      multi_xml (~> 0.2.0)
      simple_oauth (~> 0.1.5)
    tzinfo (0.3.23)
    unicorn (4.1.1)
      kgio (~> 2.4)
      rack
      raindrops (~> 0.6)
    vegas (0.1.8)
      rack (>= 1.0.0)
    will_paginate (2.3.15)
    wirble (0.1.3)
    xml-simple (1.0.12)
    xpath (0.1.4)
      nokogiri (~> 1.3)

PLATFORMS
  ruby

DEPENDENCIES
  SystemTimer
  ZenTest
  aasm
  acl9
  acts-as-taggable-on (= 2.0.0.rc1)
  amazon-ecs
  awesome_print
  aws-s3
  bitly
  builder (= 2.1.2)
  capistrano
  capistrano-ext
  capybara!
  compass (= 0.11.5)
  compass-960-plugin
  cucumber
  cucumber-rails (= 0.3.2)
  curb!
  database_cleaner!
  erubis
  factory_girl
  faker
  feedzirra!
  formtastic (= 1.1.0)
  friendly_id (= 2.2.7)
  haml (= 3.1.3)
  hoptoad_notifier
  json (= 1.4.6)
  json_pure (= 1.5.1)
  launchy
  loofah (= 0.4.7)
  mogli
  mysql2 (= 0.3.11)
  newrelic_rpm
  nokogiri
  oauth
  omniauth (~> 0.2.6)
  paperclip
  pickle
  rack (= 1.1.0)
  rails (= 2.3.11)
  rcov
  redis
  redis-namespace
  redis-store (= 1.0.0.beta5)
  resque
  resque-scheduler
  rr
  rspec (= 1.3.0)
  rspec-rails (= 1.3.2)
  ruby-debug
  sax-machine!
  sitemap_generator
  twitter
  tzinfo (= 0.3.23)
  unicorn
  will_paginate (~> 2.3.11)
  wirble
